GEM
  remote: https://rubygems.org/
  specs:
    diff-lcs (1.3)
    docile (1.3.2)
    json (2.3.0)
    rack (2.0.8)
    rack-test (1.1.0)
      rack (>= 1.0, < 3)
    rspec (3.9.0)
      rspec-core (~> 3.9.0)
      rspec-expectations (~> 3.9.0)
      rspec-mocks (~> 3.9.0)
    rspec-core (3.9.1)
      rspec-support (~> 3.9.1)
    rspec-expectations (3.9.0)
      diff-lcs (>= 1.2.0, < 2.0)
      rspec-support (~> 3.9.0)
    rspec-mocks (3.9.1)
      diff-lcs (>= 1.2.0, < 2.0)
      rspec-support (~> 3.9.0)
    rspec-support (3.9.2)
    rspec_junit_formatter (0.4.1)
      rspec-core (>= 2, < 4, != 2.12.0)
    simplecov (0.17.1)
      docile (~> 1.1)
      json (>= 1.8, < 3)
      simplecov-html (~> 0.10.0)
    simplecov-cobertura (1.3.1)
      simplecov (~> 0.8)
    simplecov-html (0.10.2)

PLATFORMS
  ruby

DEPENDENCIES
  rack-test
  rspec
  rspec_junit_formatter (~> 0.4.1)
  simplecov-cobertura (~> 1.3)

BUNDLED WITH
   1.17.2
